PATH
  remote: .
  specs:
    fluent-plugin-metric-splitter (0.0.2)
      fluent-mixin-rewrite-tag-name
      fluentd (= 0.10.61)

GEM
  remote: https://rubygems.org/
  specs:
    concurrent-ruby (1.1.9)
    cool.io (1.5.1)
    fluent-mixin-rewrite-tag-name (0.1.0)
      fluentd
    fluentd (0.10.61)
      cool.io (>= 1.1.1, < 2.0.0, != 1.2.0)
      http_parser.rb (>= 0.5.1, < 0.7.0)
      json (>= 1.4.3)
      msgpack (>= 0.4.4, < 0.6.0, != 0.5.9, != 0.5.8, != 0.5.7, != 0.5.6, != 0.5.5, != 0.5.4, != 0.5.3, != 0.5.2, != 0.5.10, != 0.5.1, != 0.5.0)
      sigdump (~> 0.2.2)
      tzinfo (>= 1.0.0)
      tzinfo-data (>= 1.0.0)
      yajl-ruby (~> 1.0)
    http_parser.rb (0.6.0)
    json (2.1.0)
    msgpack (0.5.12)
    power_assert (1.1.0)
    rake (12.1.0)
    sigdump (0.2.4)
    test-unit (3.2.5)
      power_assert
    tzinfo (2.0.5)
      concurrent-ruby (~> 1.0)
    tzinfo-data (1.2017.2)
      tzinfo (>= 1.0.0)
    yajl-ruby (1.3.0)

PLATFORMS
  ruby

DEPENDENCIES
  fluent-plugin-metric-splitter!
  rake (>= 0.9.2)
  test-unit (>= 3.0.8)

BUNDLED WITH
   1.13.6
